GEM
  remote: http://rubygems.org/
  specs:
    ansi (1.5.0)
    builder (3.2.4)
    minitest (5.14.4)
    minitest-reporters (1.4.3)
      ansi
      builder
      minitest (>= 5.0)
      ruby-progressbar
    rake (13.0.3)
    ruby-progressbar (1.11.0)
    stamp (0.6.0)

PLATFORMS
  ruby

DEPENDENCIES
  minitest (~> 5.10)
  minitest-reporters (~> 1.1)
  rake
  stamp (~> 0.6)

RUBY VERSION
   ruby 2.6.3p62

BUNDLED WITH
   1.17.3
